GIT
  remote: git://github.com/en30/shishiodoshi.git
  revision: f01ee6c5b6533df42ef1a37e4050d9f9ff201b74
  specs:
    shishiodoshi (0.0.1)
      eventmachine (~> 1.0.4)
      sinatra (~> 1.4.5)

GEM
  remote: https://rubygems.org/
  specs:
    coderay (1.1.0)
    dotenv (1.0.2)
    eventmachine (1.0.4)
    method_source (0.8.2)
    pry (0.10.1)
      coderay (~> 1.1.0)
      method_source (~> 0.8.1)
      slop (~> 3.4)
    rack (1.6.0)
    rack-protection (1.5.3)
      rack
    sinatra (1.4.5)
      rack (~> 1.4)
      rack-protection (~> 1.4)
      tilt (~> 1.3, >= 1.3.4)
    slack-notifier (1.0.0)
    slop (3.6.0)
    tilt (1.4.1)

PLATFORMS
  ruby

DEPENDENCIES
  dotenv
  pry
  shishiodoshi!
  slack-notifier
